GEM
  remote: https://rubygems.org/
  specs:
    concurrent-ruby (1.1.5)
    i18n (1.6.0)
      concurrent-ruby (~> 1.0)
    rack (2.0.7)
    rack-test (1.1.0)
      rack (>= 1.0, < 3)

PLATFORMS
  ruby

DEPENDENCIES
  i18n (~> 1.6.0)
  rack-test (= 1.1.0)

BUNDLED WITH
   2.0.1
